GEM
  remote: https://rubygems.org/
  specs:
    coderay (1.1.2)
    libv8 (3.16.14.19)
    method_source (0.9.0)
    pg (0.21.0)
    pg_array_parser (0.0.9)
    pry (0.11.2)
      coderay (~> 1.1.0)
      method_source (~> 0.9.0)
    rack (2.0.3)
    ref (2.0.0)
    therubyracer (0.12.3)
      libv8 (~> 3.16.14.15)
      ref

PLATFORMS
  ruby

DEPENDENCIES
  bundler
  pg
  pg_array_parser
  pry
  rack
  therubyracer

BUNDLED WITH
   1.15.3
