GEM
  remote: https://rubygems.org/
  specs:
    pg (0.20.0)
    pg_array_parser (0.0.9)
    rack (2.0.3)

PLATFORMS
  ruby

DEPENDENCIES
  bundler
  pg
  pg_array_parser
  rack

BUNDLED WITH
   1.14.6
